GIT
  remote: git://github.com/ericallam/font_assets.git
  revision: 457dcfddc4318e83679e9a0935612924b7717085
  branch: master
  specs:
    font_assets (0.1.11)
      rack

GEM
  remote: http://rubygems.org/
  remote: https://rails-assets.org/
  specs:
    actionmailer (4.1.14.1)
      actionpack (= 4.1.14.1)
      actionview (= 4.1.14.1)
      mail (~> 2.5, >= 2.5.4)
    actionpack (4.1.14.1)
      actionview (= 4.1.14.1)
      activesupport (= 4.1.14.1)
      rack (~> 1.5.2)
      rack-test (~> 0.6.2)
    actionview (4.1.14.1)
      activesupport (= 4.1.14.1)
      builder (~> 3.1)
      erubis (~> 2.7.0)
    activemodel (4.1.14.1)
      activesupport (= 4.1.14.1)
      builder (~> 3.1)
    activerecord (4.1.14.1)
      activemodel (= 4.1.14.1)
      activesupport (= 4.1.14.1)
      arel (~> 5.0.0)
    activesupport (4.1.14.1)
      i18n (~> 0.6, >= 0.6.9)
      json (~> 1.7, >= 1.7.7)
      minitest (~> 5.1)
      thread_safe (~> 0.1)
      tzinfo (~> 1.1)
    addressable (2.3.8)
    arel (5.0.1.20140414130214)
    attachinary (1.3.0)
      cloudinary (~> 1.0.69)
      rails (>= 3.2)
    autoprefixer-rails (5.2.1)
      execjs
      json
    aws_cf_signer (0.1.3)
    bcrypt (3.1.10)
    bootstrap-sass (3.3.5)
      autoprefixer-rails (>= 5.0.0.1)
      sass (>= 3.2.19)
    builder (3.2.2)
    cancancan (1.10.1)
    capybara (2.4.4)
      mime-types (>= 1.16)
      nokogiri (>= 1.3.3)
      rack (>= 1.0.0)
      rack-test (>= 0.5.4)
      xpath (~> 2.0)
    capybara-screenshot (1.0.9)
      capybara (>= 1.0, < 3)
      launchy
    chunky_png (1.3.4)
    cliver (0.3.2)
    cloudinary (1.0.85)
      aws_cf_signer
      rest-client
    coderay (1.1.0)
    coffee-rails (4.1.0)
      coffee-script (>= 2.2.0)
      railties (>= 4.0.0, < 5.0)
    coffee-script (2.4.1)
      coffee-script-source
      execjs
    coffee-script-source (1.9.1.1)
    compass (1.0.3)
      chunky_png (~> 1.2)
      compass-core (~> 1.0.2)
      compass-import-once (~> 1.0.5)
      rb-fsevent (>= 0.9.3)
      rb-inotify (>= 0.9)
      sass (>= 3.3.13, < 3.5)
    compass-core (1.0.3)
      multi_json (~> 1.0)
      sass (>= 3.3.0, < 3.5)
    compass-import-once (1.0.5)
      sass (>= 3.2, < 3.5)
    compass-rails (2.0.4)
      compass (~> 1.0.0)
      sass-rails (<= 5.0.1)
      sprockets (< 2.13)
    concurrent-ruby (1.0.0)
    configuration (1.3.4)
    connection_pool (2.2.0)
    dalli (2.7.4)
    database_cleaner (1.4.1)
    devise (3.5.6)
      bcrypt (~> 3.0)
      orm_adapter (~> 0.1)
      railties (>= 3.2.6, < 5)
      responders
      thread_safe (~> 0.1)
      warden (~> 1.2.3)
    devise-async (0.10.1)
      devise (~> 3.2)
    diff-lcs (1.2.5)
    domain_name (0.5.24)
      unf (>= 0.0.5, < 1.0.0)
    dotenv (2.0.1)
    dotenv-rails (2.0.1)
      dotenv (= 2.0.1)
    ejs (1.1.1)
    erubis (2.7.0)
    execjs (2.6.0)
    factory_girl (4.5.0)
      activesupport (>= 3.0.0)
    factory_girl_rails (4.5.0)
      factory_girl (~> 4.5.0)
      railties (>= 3.0.0)
    ffi (1.9.8)
    foreman (0.63.0)
      dotenv (>= 0.7)
      thor (>= 0.13.6)
    friendly_id (5.1.0)
      activerecord (>= 4.0.0)
    hike (1.2.3)
    http-cookie (1.0.2)
      domain_name (~> 0.5)
    i18n (0.7.0)
    i18n-js (3.0.0.rc10)
      i18n (~> 0.6)
    jasmine-core (2.3.4)
    jasmine-rails (0.10.8)
      jasmine-core (>= 1.3, < 3.0)
      phantomjs (>= 1.9)
      railties (>= 3.2.0)
      sprockets-rails
    jquery-rails (3.1.3)
      railties (>= 3.0, < 5.0)
      thor (>= 0.14, < 2.0)
    jquery-ui-rails (5.0.5)
      railties (>= 3.2.16)
    json (1.8.3)
    kgio (2.9.3)
    launchy (2.4.3)
      addressable (~> 2.3)
    letter_opener (1.4.1)
      launchy (~> 2.2)
    mail (2.6.3)
      mime-types (>= 1.16, < 3)
    method_source (0.8.2)
    mime-types (2.99)
    mini_portile2 (2.0.0)
    minitest (5.8.4)
    multi_json (1.11.2)
    netrc (0.10.3)
    newrelic_rpm (3.12.0.288)
    nokogiri (1.6.7.2)
      mini_portile2 (~> 2.0.0.rc2)
    orm_adapter (0.5.0)
    pg (0.18.2)
    pg_search (0.7.8)
      activerecord (>= 3.1)
      activesupport (>= 3.1)
      arel
    phantomjs (1.9.8.0)
    poltergeist (1.6.0)
      capybara (~> 2.1)
      cliver (~> 0.3.1)
      multi_json (~> 1.0)
      websocket-driver (>= 0.2.0)
    pry (0.10.1)
      coderay (~> 1.1.0)
      method_source (~> 0.8.1)
      slop (~> 3.4)
    pry-rails (0.3.4)
      pry (>= 0.9.10)
    puma (2.11.3)
      rack (>= 1.1, < 2.0)
    quiet_assets (1.1.0)
      railties (>= 3.1, < 5.0)
    rack (1.5.5)
    rack-cache (1.2)
      rack (>= 0.4)
    rack-protection (1.5.0)
      rack
    rack-test (0.6.3)
      rack (>= 1.0)
    rack-timeout (0.2.4)
    rails (4.1.14.1)
      actionmailer (= 4.1.14.1)
      actionpack (= 4.1.14.1)
      actionview (= 4.1.14.1)
      activemodel (= 4.1.14.1)
      activerecord (= 4.1.14.1)
      activesupport (= 4.1.14.1)
      bundler (>= 1.3.0, < 2.0)
      railties (= 4.1.14.1)
      sprockets-rails (~> 2.0)
    rails-assets-backbone (1.2.1)
      rails-assets-underscore (>= 1.7.0)
    rails-assets-date.format (1.2.3)
    rails-assets-jquery (2.1.4)
    rails-assets-jquery.gritter (1.7.4)
      rails-assets-jquery (>= 1.8.2)
    rails-assets-jquery.scrollTo (2.1.1)
      rails-assets-jquery (>= 1.8)
    rails-assets-underscore (1.8.3)
    rails-i18n (4.0.4)
      i18n (~> 0.6)
      railties (~> 4.0)
    rails-observers (0.1.2)
      activemodel (~> 4.0)
    rails_12factor (0.0.3)
      rails_serve_static_assets
      rails_stdout_logging
    rails_serve_static_assets (0.0.4)
    rails_stdout_logging (0.0.3)
    railties (4.1.14.1)
      actionpack (= 4.1.14.1)
      activesupport (= 4.1.14.1)
      rake (>= 0.8.7)
      thor (>= 0.18.1, < 2.0)
    rake (10.5.0)
    rb-fsevent (0.9.5)
    rb-inotify (0.9.5)
      ffi (>= 0.5.0)
    redis (3.2.2)
    responders (1.1.2)
      railties (>= 3.2, < 4.2)
    rest-client (1.8.0)
      http-cookie (>= 1.0.2, < 2.0)
      mime-types (>= 1.16, < 3.0)
      netrc (~> 0.7)
    rspec-activemodel-mocks (1.0.1)
      activemodel (>= 3.0)
      activesupport (>= 3.0)
      rspec-mocks (>= 2.99, < 4.0)
    rspec-core (3.3.1)
      rspec-support (~> 3.3.0)
    rspec-expectations (3.3.0)
      diff-lcs (>= 1.2.0, < 2.0)
      rspec-support (~> 3.3.0)
    rspec-its (1.2.0)
      rspec-core (>= 3.0.0)
      rspec-expectations (>= 3.0.0)
    rspec-mocks (3.3.1)
      diff-lcs (>= 1.2.0, < 2.0)
      rspec-support (~> 3.3.0)
    rspec-rails (3.3.2)
      actionpack (>= 3.0, < 4.3)
      activesupport (>= 3.0, < 4.3)
      railties (>= 3.0, < 4.3)
      rspec-core (~> 3.3.0)
      rspec-expectations (~> 3.3.0)
      rspec-mocks (~> 3.3.0)
      rspec-support (~> 3.3.0)
    rspec-support (3.3.0)
    sass (3.4.15)
    sass-rails (5.0.1)
      railties (>= 4.0.0, < 5.0)
      sass (~> 3.1)
      sprockets (>= 2.8, < 4.0)
      sprockets-rails (>= 2.0, < 4.0)
      tilt (~> 1.1)
    sidekiq (4.1.0)
      concurrent-ruby (~> 1.0)
      connection_pool (~> 2.2, >= 2.2.0)
      redis (~> 3.2, >= 3.2.1)
    sidekiq_mailer (0.0.8)
      actionmailer (>= 3.0)
      activesupport (>= 3.0)
      sidekiq (>= 2.3)
    sinatra (1.4.3)
      rack (~> 1.4)
      rack-protection (~> 1.4)
      tilt (~> 1.3, >= 1.3.4)
    sinon-rails (1.15.0)
      railties (>= 3.1)
    slop (3.6.0)
    sprockets (2.12.4)
      hike (~> 1.2)
      multi_json (~> 1.0)
      rack (~> 1.0)
      tilt (~> 1.1, != 1.3.0)
    sprockets-rails (2.3.3)
      actionpack (>= 3.0)
      activesupport (>= 3.0)
      sprockets (>= 2.8, < 4.0)
    thor (0.19.1)
    thread_safe (0.3.5)
    tilt (1.4.1)
    transitions (0.1.9)
    tzinfo (1.2.2)
      thread_safe (~> 0.1)
    uglifier (2.7.2)
      execjs (>= 0.3.0)
      json (>= 1.8.0)
    unf (0.1.4)
      unf_ext
    unf_ext (0.0.7.1)
    warden (1.2.6)
      rack (>= 1.0)
    websocket-driver (0.5.4)
      websocket-extensions (>= 0.1.0)
    websocket-extensions (0.1.2)
    xpath (2.0.0)
      nokogiri (~> 1.3)

PLATFORMS
  ruby

DEPENDENCIES
  attachinary
  bootstrap-sass (~> 3.3.5)
  cancancan (~> 1.10)
  capybara
  capybara-screenshot
  cloudinary
  coffee-rails
  compass-rails
  configuration
  dalli
  database_cleaner
  devise (~> 3.5.4)
  devise-async
  dotenv-rails
  ejs
  factory_girl_rails
  font_assets!
  foreman
  friendly_id (~> 5.1.0)
  i18n-js (>= 3.0.0.rc8)
  jasmine-rails
  jquery-rails
  jquery-ui-rails
  kgio
  letter_opener
  newrelic_rpm
  pg
  pg_search
  poltergeist
  pry-rails
  puma
  quiet_assets
  rack-cache
  rack-timeout
  rails (~> 4.1.11)
  rails-assets-backbone!
  rails-assets-date.format!
  rails-assets-jquery.gritter!
  rails-assets-jquery.scrollTo!
  rails-assets-underscore!
  rails-i18n
  rails-observers (~> 0.1.2)
  rails_12factor
  rspec-activemodel-mocks
  rspec-its
  rspec-rails
  sass-rails
  sidekiq
  sidekiq_mailer
  sinatra
  sinon-rails
  transitions (= 0.1.9)
  uglifier (>= 2.5.3)

BUNDLED WITH
   1.11.2
